PATH
  remote: .
  specs:
    ddarkbluu_view_tool (0.1.1)

GEM
  remote: https://rubygems.org/
  specs:
    rake (13.0.1)

PLATFORMS
  ruby

DEPENDENCIES
  bundler (~> 1.17)
  ddarkbluu_view_tool!
  rake (~> 13.0)

BUNDLED WITH
   1.17.3
